GEM
  remote: http://rubygems.org/
  specs:
    rainbow (1.1.4)
    rake (10.0.4)

PLATFORMS
  ruby

DEPENDENCIES
  rainbow
  rake
